GEM
  remote: https://rubygems.org/
  specs:
    json-schema (2.2.2)

PLATFORMS
  ruby

DEPENDENCIES
  json-schema
